GEM
  remote: https://rubygems.org/
  specs:
    memory_profiler (0.9.10)
    metaclass (0.0.4)
    minitest (5.11.3)
    mocha (1.5.0)
      metaclass (~> 0.0.1)

PLATFORMS
  ruby

DEPENDENCIES
  memory_profiler
  minitest
  mocha

BUNDLED WITH
   1.16.2
